GIT
  remote: git://github.com/clearsightstudio/motion-table.git
  revision: a45ad51f6e50e5a6414b497d0a8c0744d4ee80c8
  specs:
    motion-table (0.1.7)

GIT
  remote: https://github.com/silasj/Animotion.git
  revision: 887f882af5ab79346cbba88cecfdd4c4e8569c32
  specs:
    Animotion (0.0.2)

GEM
  remote: https://www.rubygems.org/
  specs:
    Parsistence (0.3.21)
    ProMotion (0.3.0)
    activesupport (3.2.15)
      i18n (~> 0.6, >= 0.6.4)
      multi_json (~> 1.0)
    bubble-wrap (1.4.0)
    claide (0.3.2)
    cocoapods (0.27.1)
      activesupport (>= 3.2.15, < 4)
      claide (~> 0.3.2)
      cocoapods-core (= 0.27.1)
      cocoapods-downloader (~> 0.2.0)
      colored (~> 1.2)
      escape (~> 0.0.4)
      json_pure (~> 1.8)
      open4 (~> 1.3)
      xcodeproj (~> 0.14.0)
    cocoapods-core (0.27.1)
      activesupport (>= 3.2.15, < 4)
      json_pure (~> 1.8)
      nap (~> 0.5)
    cocoapods-downloader (0.2.0)
    colored (1.2)
    escape (0.0.4)
    formotion (1.2)
      bubble-wrap (>= 1.1.4)
    i18n (0.6.5)
    json_pure (1.8.1)
    motion-addressbook (0.1.3)
      bubble-wrap
    motion-cocoapods (1.4.0)
      cocoapods (>= 0.26.2)
    multi_json (1.8.2)
    nap (0.5.1)
    open4 (1.3.0)
    rake (10.1.0)
    teacup (1.0.4)
      rake
    xcodeproj (0.14.0)
      activesupport (~> 3.0)
      colored (~> 1.2)

PLATFORMS
  ruby

DEPENDENCIES
  Animotion!
  Parsistence (~> 0.3.10)
  ProMotion (~> 0.3.0)
  bubble-wrap
  cocoapods
  formotion (~> 1.2.0)
  motion-addressbook (~> 0.1.2)
  motion-cocoapods
  motion-table!
  rake
  teacup (~> 1.0.4)
